GEM
  remote: https://rubygems.org/
  specs:
    minitest (5.16.0)

PLATFORMS
  arm64-darwin-21

DEPENDENCIES
  minitest

BUNDLED WITH
   2.3.7
